Brain Vision Data Exchange Header File Version 1.0
; Data created by the Vision Recorder

[Common Infos]
Codepage=UTF-8
DataFile=ExpS68-S02.eeg
MarkerFile=ExpS68-S02.vmrk
DataFormat=BINARY
; Data orientation: MULTIPLEXED=ch1,pt1, ch2,pt1 ...
DataOrientation=MULTIPLEXED
NumberOfChannels=10
; Sampling interval in microseconds
SamplingInterval=5000

[Binary Infos]
BinaryFormat=INT_16

[Channel Infos]
; Each entry: Ch<Channel number>=<Name>,<Reference channel name>,
; <Resolution in "Unit">,<Unit>, Future extensions..
; Fields are delimited by commas, some fields might be omitted (empty).
; Commas in channel names are coded as "\1".
Ch1=C3_1,,0.1,µV
Ch2=C4_1,,0.1,µV
Ch3=F3_1,,0.1,µV
Ch4=F4_1,,0.1,µV
Ch5=P3_1,,0.1,µV
Ch6=P4_1,,0.1,µV
Ch7=EOG1_1,,0.1,µV
Ch8=EOG2_1,,0.1,µV
Ch9=EMG1_1,,0.1,µV
Ch10=EMG2_1,,0.1,µV

[Comment]

A m p l i f i e r  S e t u p
============================
Number of channels: 10
Sampling Rate [Hz]: 200
Sampling Interval [µS]: 5000

Channels
--------
#     Name      Phys. Chn.    Resolution / Unit   Low Cutoff [s]   High Cutoff [Hz]   Notch [Hz]    Series Res. [kOhm] Gradient         Offset
1     C3_1        1                0.1 µV             10              250              Off                0                 
2     C4_1        2                0.1 µV             10              250              Off                0                 
3     F3_1        3                0.1 µV             10              250              Off                0                 
4     F4_1        4                0.1 µV             10              250              Off                0                 
5     P3_1        5                0.1 µV             10              250              Off                0                 
6     P4_1        6                0.1 µV             10              250              Off                0                 
7     EOG1_1      7                0.1 µV             10              250              Off                0                 
8     EOG2_1      8                0.1 µV             10              250              Off                0                 
9     EMG1_1      9                0.1 µV             10              250              Off                0                 
10    EMG2_1      10               0.1 µV             10              250              Off                0                 

S o f t w a r e  F i l t e r s
==============================
#     Low Cutoff [s]   High Cutoff [Hz]   Notch [Hz]
1      1                35                 50
2      1                35                 50
3      1                35                 50
4      1                35                 50
5      1                35                 50
6      1                35                 50
7      5                35                 50
8      5                35                 50
9      0.1              90                 50
10     0.1              90                 50


Data Electrodes Selected Impedance Measurement Range: 0 - 10 kOhm
Ground Electrode Selected Impedance Measurement Range: 0 - 10 kOhm
Reference Electrode Selected Impedance Measurement Range: 0 - 10 kOhm
Impedance [kOhm] at 23:14:34 :
C3_1:         3
C4_1:         4
F3_1:         1
F4_1:         4
P3_1:         5
P4_1:         2
EOG1_1:       2
EOG2_1:       3
EMG1_1:       1
EMG2_1:       1
Ref:          1
Gnd:          3
